GEM
  remote: http://rubygems.org/
  specs:
    activesupport (3.2.12)
      i18n (~> 0.6)
      multi_json (~> 1.0)
    archive-tar-minitar (0.5.2)
    backports (2.6.7)
    bcrypt-ruby (3.0.1)
    bson (1.8.2)
    bson_ext (1.8.2)
      bson (~> 1.8.2)
    builder (3.1.4)
    carrierwave (0.5.8)
      activesupport (~> 3.0)
    carrierwave-sequel (0.1.0)
      carrierwave
      sequel
    daemons (1.1.9)
    descendants_tracker (0.0.1)
    diff-lcs (1.1.3)
    eventmachine (1.0.0)
    grape (0.2.6)
      activesupport
      builder
      hashie (~> 1.2)
      multi_json (>= 1.3.2)
      multi_xml (>= 0.5.2)
      rack
      rack-accept
      rack-mount
      virtus
    grape-swagger (0.3.0)
      grape (~> 0.2.0)
      kramdown
    hashie (1.2.0)
    i18n (0.6.1)
    kramdown (0.14.2)
    mail (2.5.3)
      i18n (>= 0.4.0)
      mime-types (~> 1.16)
      treetop (~> 1.4.8)
    mime-types (1.21)
    mongo (1.8.2)
      bson (~> 1.8.2)
    multi_json (1.6.1)
    multi_xml (0.5.3)
    mysql2 (0.3.11)
    nokogiri (1.5.6)
    polyglot (0.3.3)
    rack (1.5.2)
    rack-accept (0.4.5)
      rack (>= 0.4)
    rack-mount (0.8.3)
      rack (>= 1.0.0)
    rack-test (0.6.2)
      rack (>= 1.0)
    rake (10.0.3)
    redis (3.0.2)
    rest-client (1.6.7)
      mime-types (>= 1.16)
    rmagick (2.13.1)
    rspec (2.12.0)
      rspec-core (~> 2.12.0)
      rspec-expectations (~> 2.12.0)
      rspec-mocks (~> 2.12.0)
    rspec-core (2.12.2)
    rspec-expectations (2.12.1)
      diff-lcs (~> 1.1.3)
    rspec-mocks (2.12.2)
    ruby-oci8 (2.1.4)
    sequel (3.44.0)
    simplecov (0.7.1)
      multi_json (~> 1.0)
      simplecov-html (~> 0.7.1)
    simplecov-html (0.7.1)
    thin (1.5.0)
      daemons (>= 1.0.9)
      eventmachine (>= 0.12.6)
      rack (>= 1.0.0)
    treetop (1.4.12)
      polyglot
      polyglot (>= 0.3.1)
    virtus (0.5.4)
      backports (~> 2.6.1)
      descendants_tracker (~> 0.0.1)

PLATFORMS
  ruby

DEPENDENCIES
  archive-tar-minitar
  bcrypt-ruby
  bson_ext
  carrierwave
  carrierwave-sequel
  grape
  grape-swagger
  i18n
  mail
  mongo
  mysql2
  nokogiri
  rack-test
  rake
  redis
  rest-client
  rmagick
  rspec
  ruby-oci8
  sequel
  simplecov
  thin
